NUGET
  remote: https://nuget.org/api/v2
  specs:
    dotNetRDF (1.0.8.3533)
      HtmlAgilityPack (>= 1.4.9) - framework: >= net35, >= net35, >= net40, >= net40
      Newtonsoft.Json (>= 6.0.8) - framework: portable-net40+sl40+win+wp80+MonoAndroid10+MonoTouch10, >= net35, >= net35, >= net40, >= net40
      VDS.Common (1.5.0) - framework: portable-net40+sl40+win+wp80+MonoAndroid10+MonoTouch10, >= net35, >= net35, >= net40, >= net40
    FAKE (3.34.3)
    FSharp.Compiler.Service (0.0.89)
    FSharp.Formatting (2.9.6)
      FSharp.Compiler.Service (>= 0.0.87)
      FSharpVSPowerTools.Core (1.8.0)
    FSharpVSPowerTools.Core (1.8.0)
      FSharp.Compiler.Service (>= 0.0.87)
    FSharpx.Core (1.8.41)
    HtmlAgilityPack (1.4.9) - framework: >= net35, >= net35, >= net40, >= net40
    json-ld.net (1.0.4)
      Newtonsoft.Json (>= 4.0.1)
    Microsoft.Bcl (1.1.10)
      Microsoft.Bcl.Build (>= 1.0.14)
    Microsoft.Bcl.Build (1.0.21)
    Microsoft.Net.Http (2.2.29)
      Microsoft.Bcl (>= 1.1.10)
      Microsoft.Bcl.Build (>= 1.0.14)
    Newtonsoft.Json (6.0.8) - framework: portable-net40+sl40+win+wp80+monoandroid10+monotouch10, >= net35, >= net35, >= net40, >= net40
    NuGet.CommandLine (2.8.5)
    Octokit (0.12.0) - framework: portable-net40+sl40+win+wp80+monoandroid10+monotouch10, >= net35, >= net35, >= net40, >= net40
      Microsoft.Net.Http
    SourceLink.Fake (0.5.0)
    Unquote (2.2.2)
    VDS.Common (1.5.0) - framework: portable-net40+sl40+win+wp80+monoandroid10+monotouch10, >= net35, >= net35, >= net40, >= net40
    xunit (1.9.2)
    xunit.runners (1.9.2)
GITHUB
  remote: fsharp/FAKE
  specs:
    modules/Octokit/Octokit.fsx (8df5fa084bd2447427f295d3b35a131910aa054c)
      Octokit